PATH
  remote: .
  specs:
    mayo (0.1.7)
      dalli
      json

GEM
  remote: http://rubygems.org/
  specs:
    ZenTest (4.7.0)
    dalli (2.0.3)
    diff-lcs (1.1.3)
    json (1.6.6)
    rspec (2.9.0)
      rspec-core (~> 2.9.0)
      rspec-expectations (~> 2.9.0)
      rspec-mocks (~> 2.9.0)
    rspec-core (2.9.0)
    rspec-expectations (2.9.1)
      diff-lcs (~> 1.1.3)
    rspec-mocks (2.9.0)

PLATFORMS
  ruby

DEPENDENCIES
  ZenTest
  mayo!
  rspec
